GEM
  remote: https://rubygems.org/
  specs:
    airrecord (1.0.5)
      faraday (>= 0.10, < 2.0)
      net-http-persistent (>= 2.9)
    connection_pool (2.2.2)
    faraday (1.0.0)
      multipart-post (>= 1.2, < 3)
    json (2.3.0)
    multipart-post (2.1.1)
    net-http-persistent (3.1.0)
      connection_pool (~> 2.2)

PLATFORMS
  ruby

DEPENDENCIES
  airrecord
  json

BUNDLED WITH
   2.0.2
